GEM
  remote: http://rubygems.org/
  specs:
    activesupport (3.0.7)
    cheddargetter_client_ruby (0.3.1)
      httparty (>= 0.4.3)
      httparty (>= 0.4.3)
    crack (0.1.8)
    diff-lcs (1.1.2)
    git (1.2.5)
    httparty (0.7.7)
      crack (= 0.1.8)
    jeweler (1.6.0)
      bundler (~> 1.0.0)
      git (>= 1.2.5)
      rake
    rake (0.8.7)
    rcov (0.9.9)
    rspec (2.3.0)
      rspec-core (~> 2.3.0)
      rspec-expectations (~> 2.3.0)
      rspec-mocks (~> 2.3.0)
    rspec-core (2.3.1)
    rspec-expectations (2.3.0)
      diff-lcs (~> 1.1.2)
    rspec-mocks (2.3.0)

PLATFORMS
  ruby

DEPENDENCIES
  activesupport (>= 2.3.5)
  bundler (~> 1.0.0)
  cheddargetter_client_ruby
  jeweler (~> 1.6.0)
  rcov
  rspec (~> 2.3.0)
