GEM
  remote: http://rubygems.org/
  specs:
    activesupport (3.0.7)
    cheddargetter_client (0.0.2)
      crack
      crack (>= 0.3.2)
      httparty
      httparty (>= 0.10.0)
    crack (0.3.2)
    diff-lcs (1.1.2)
    git (1.2.5)
    httparty (0.10.0)
      multi_json (~> 1.0)
      multi_xml
    jeweler (1.8.4)
      bundler (~> 1.0)
      git (>= 1.2.5)
      rake
      rdoc
    json (1.7.6)
    multi_json (1.5.0)
    multi_xml (0.5.2)
    rake (10.0.3)
    rcov (0.9.9)
    rdoc (3.12)
      json (~> 1.4)
    rspec (2.3.0)
      rspec-core (~> 2.3.0)
      rspec-expectations (~> 2.3.0)
      rspec-mocks (~> 2.3.0)
    rspec-core (2.3.1)
    rspec-expectations (2.3.0)
      diff-lcs (~> 1.1.2)
    rspec-mocks (2.3.0)

PLATFORMS
  ruby

DEPENDENCIES
  activesupport (>= 2.3.5)
  bundler
  cheddargetter_client (>= 0.0.2)
  jeweler
  rcov
  rspec
